PATH
  remote: .
  specs:
    dependence (0.0.1)

GEM
  remote: http://rubygems.org/
  specs:
    ansi (1.4.3)
    coderay (1.0.7)
    ffi (1.1.5)
    guard (1.3.2)
      listen (>= 0.4.2)
      thor (>= 0.14.6)
    guard-minitest (0.5.0)
      guard (>= 0.4)
    listen (0.4.7)
      rb-fchange (~> 0.0.5)
      rb-fsevent (~> 0.9.1)
      rb-inotify (~> 0.8.8)
    metaclass (0.0.1)
    method_source (0.8)
    minitest (3.3.0)
    mocha (0.12.3)
      metaclass (~> 0.0.1)
    pry (0.9.10)
      coderay (~> 1.0.5)
      method_source (~> 0.8)
      slop (~> 3.3.1)
    pry-nav (0.2.2)
      pry (~> 0.9.10)
    rb-fchange (0.0.5)
      ffi
    rb-fsevent (0.9.1)
    rb-inotify (0.8.8)
      ffi (>= 0.5.0)
    slop (3.3.2)
    thor (0.16.0)
    turn (0.9.6)
      ansi

PLATFORMS
  ruby

DEPENDENCIES
  dependence!
  guard-minitest
  minitest
  mocha
  pry
  pry-nav
  turn
